GIT
  remote: https://github.com/ncbo/goo.git
  revision: d26b364dc5e8a22753cf9f8495a77c398112683f
  branch: master
  specs:
    goo (0.0.2)
      addressable (= 2.3.5)
      pry
      rdf (= 1.0.8)
      redis
      rest-client
      rsolr
      sparql-client
      systemu
      uuid

GIT
  remote: https://github.com/ncbo/ncbo_annotator.git
  revision: 94a77bb64f3a5af72d909c597869e9923bac3831
  branch: master
  specs:
    ncbo_annotator (0.0.1)
      goo
      ontologies_linked_data
      redis
      ruby-xxHash

GIT
  remote: https://github.com/ncbo/ontologies_linked_data.git
  revision: c4562ccb355af5a664e23e079960b7a788763d18
  branch: master
  specs:
    ontologies_linked_data (0.0.1)
      activesupport
      bcrypt
      goo
      json
      libxml-ruby
      multi_json
      ncbo_resource_index
      oj
      omni_logger
      pony
      rack
      rack-test
      rsolr
      rubyzip

GIT
  remote: https://github.com/ncbo/resource_index.git
  revision: 24a7f14a6da4f4a0eaba1016ca5a378dfccd7441
  specs:
    ncbo_resource_index (0.0.1)
      elasticsearch (= 2.0.0)
      mysql2 (= 0.5.2)
      pony
      ref
      ruby-xxHash
      sequel
      typhoeus

GIT
  remote: https://github.com/ncbo/sparql-client.git
  revision: fb4a89b420f8eb6dda5190a126b6c62e32c4c0c9
  branch: master
  specs:
    sparql-client (1.0.1)
      json_pure (>= 1.4)
      net-http-persistent (= 2.9.4)
      rdf (>= 1.0)

GEM
  remote: https://rubygems.org/
  specs:
    activesupport (4.0.13)
      i18n (~> 0.6, >= 0.6.9)
      minitest (~> 4.2)
      multi_json (~> 1.3)
      thread_safe (~> 0.1)
      tzinfo (~> 0.3.37)
    addressable (2.3.5)
    bcrypt (3.1.16)
    builder (3.2.4)
    coderay (1.1.3)
    concurrent-ruby (1.1.9)
    cube-ruby (0.0.3)
    domain_name (0.5.20190701)
      unf (>= 0.0.5, < 1.0.0)
    elasticsearch (2.0.0)
      elasticsearch-api (= 2.0.0)
      elasticsearch-transport (= 2.0.0)
    elasticsearch-api (2.0.0)
      multi_json
    elasticsearch-transport (2.0.0)
      faraday
      multi_json
    ethon (0.14.0)
      ffi (>= 1.15.0)
    faraday (1.7.0)
      faraday-em_http (~> 1.0)
      faraday-em_synchrony (~> 1.0)
      faraday-excon (~> 1.1)
      faraday-httpclient (~> 1.0.1)
      faraday-net_http (~> 1.0)
      faraday-net_http_persistent (~> 1.1)
      faraday-patron (~> 1.0)
      faraday-rack (~> 1.0)
      multipart-post (>= 1.2, < 3)
      ruby2_keywords (>= 0.0.4)
    faraday-em_http (1.0.0)
    faraday-em_synchrony (1.0.0)
    faraday-excon (1.1.0)
    faraday-httpclient (1.0.1)
    faraday-net_http (1.0.1)
    faraday-net_http_persistent (1.2.0)
    faraday-patron (1.0.0)
    faraday-rack (1.0.0)
    ffi (1.15.3)
    http-accept (1.7.0)
    http-cookie (1.0.4)
      domain_name (~> 0.5)
    i18n (0.9.5)
      concurrent-ruby (~> 1.0)
    json (2.5.1)
    json_pure (2.5.1)
    libxml-ruby (3.2.1)
    logger (1.4.3)
    macaddr (1.7.2)
      systemu (~> 2.6.5)
    mail (2.7.1)
      mini_mime (>= 0.1.1)
    method_source (1.0.0)
    mime-types (3.3.1)
      mime-types-data (~> 3.2015)
    mime-types-data (3.2021.0704)
    mini_mime (1.1.0)
    minitest (4.7.5)
    multi_json (1.15.0)
    multipart-post (2.1.1)
    mysql2 (0.5.2)
    net-http-persistent (2.9.4)
    netrc (0.11.0)
    oj (2.18.5)
    omni_logger (0.1.4)
      logger
    pony (1.13.1)
      mail (>= 2.0)
    pry (0.14.1)
      coderay (~> 1.1)
      method_source (~> 1.0)
    rack (2.2.3)
    rack-test (1.1.0)
      rack (>= 1.0, < 3)
    rake (12.3.3)
    rdf (1.0.8)
      addressable (>= 2.2)
    redis (3.3.5)
    ref (2.0.0)
    rest-client (2.1.0)
      http-accept (>= 1.7.0, < 2.0)
      http-cookie (>= 1.0.2, < 2.0)
      mime-types (>= 1.16, < 4.0)
      netrc (~> 0.8)
    rsolr (2.3.0)
      builder (>= 2.1.2)
      faraday (>= 0.9.0)
    ruby-xxHash (0.4.0.1)
    ruby2_keywords (0.0.5)
    rubyzip (2.3.2)
    sequel (5.47.0)
    systemu (2.6.5)
    test-unit-minitest (0.9.1)
      minitest (~> 4.7)
    thread_safe (0.3.6)
    typhoeus (1.4.0)
      ethon (>= 0.9.0)
    tzinfo (0.3.60)
    unf (0.1.4)
      unf_ext
    unf_ext (0.0.7.7)
    uuid (2.3.9)
      macaddr (~> 1.0)

PLATFORMS
  ruby
  x86_64-darwin-17

DEPENDENCIES
  cube-ruby
  ffi
  goo!
  minitest (~> 4.0)
  ncbo_annotator!
  ncbo_resource_index!
  oj (~> 2.0)
  ontologies_linked_data!
  pry
  rake (~> 12.3)
  redis (~> 3.0)
  sparql-client!
  test-unit-minitest

BUNDLED WITH
   2.1.4
